NUGET
  remote: https://nuget.org/api/v2
  specs:
    FAKE (3.13.4)
    FSharp.Compiler.Service (0.0.81)
    FSharp.Data (2.1.1)
      Zlib.Portable (>= 1.10.0)
    FSharp.Formatting (2.6.0)
      FSharp.Compiler.Service (>= 0.0.81)
    FsUnit.xUnit (1.3.0.1)
      xunit (>= 1.9.1 <  3.0) - net20, >= net40, >= net45
    Microsoft.Bcl (1.1.9)
      Microsoft.Bcl.Build (>= 1.0.14)
    Microsoft.Bcl.Build (1.0.21)
    Microsoft.Net.Http (2.2.28)
      Microsoft.Bcl (>= 1.1.9)
      Microsoft.Bcl.Build (>= 1.0.14)
    NuGet.CommandLine (2.8.3)
    Octokit (0.6.2)
      Microsoft.Net.Http
    SourceLink.Fake (0.4.2)
    xunit (1.9.2) - net20, >= net40, >= net45
    Zlib.Portable (1.10.0)
GITHUB
  remote: fsharp/FAKE
  specs:
    modules/Octokit/Octokit.fsx (7348fb83ca25a6c3de4965769c0050845ec67c6b)
      Octokit